GEM
  remote: https://rubygems.org/
  specs:
    fast_trie (0.5.1)

PLATFORMS
  ruby

DEPENDENCIES
  fast_trie (~> 0.5.1)

BUNDLED WITH
   1.13.0
